GEM
  remote: https://rubygems.org/
  specs:
    adsf (1.2.0)
      rack (>= 1.0.0)
    bourbon (3.2.3)
      sass (~> 3.2)
      thor
    chunky_png (1.3.1)
    colored (1.2)
    compass (0.12.7)
      chunky_png (~> 1.2)
      fssm (>= 0.2.7)
      sass (~> 3.2.19)
    cri (2.6.1)
      colored (~> 1.2)
    fssm (0.2.10)
    meyer-reset (2.0.1)
      compass (~> 0.10)
    mustache (0.99.7)
    nanoc (3.7.3)
      cri (~> 2.3)
    neat (1.5.1)
      bourbon (>= 3.1)
      sass (~> 3.2.19)
    rack (1.5.2)
    sass (3.2.19)
    thor (0.19.1)

PLATFORMS
  ruby

DEPENDENCIES
  adsf
  bourbon
  compass
  meyer-reset
  mustache
  nanoc
  neat
